GEM
  remote: http://rubygems.org/
  specs:
    albino (1.3.3)
      posix-spawn (>= 0.3.6)
    github-markdown (0.5.1)
    github-markup (0.7.4)
    nokogiri (1.5.5)
    posix-spawn (0.3.6)
    rake (0.9.2.2)
    redcarpet (2.1.1)

PLATFORMS
  ruby

DEPENDENCIES
  albino
  github-markdown
  github-markup
  nokogiri
  rake
  redcarpet
